GIT
  remote: https://github.com/SysMO-DB/acts_as_activity_logged.git
  revision: da0b6d8e4ccabfa231c39aa89522c8ba73f03c0e
  specs:
    acts_as_activity_logged (0.3.3)

GIT
  remote: https://github.com/SysMO-DB/bioportal.git
  revision: 0f80b4281af3f71234a425d40981b1185a3e5d0b
  specs:
    bioportal (3.0)

GIT
  remote: https://github.com/SysMO-DB/convert_office.git
  revision: 753f2567dbd625bc89071e1150404efbb562e130
  ref: 753f2567dbd625bc89071e1150404efbb562e130
  specs:
    convert_office (0.9.1)

GIT
  remote: https://github.com/SysMO-DB/fleximage.git
  revision: bb1182f2716a9bf1b5d85e186d8bb7eec436797b
  ref: bb1182f2716a9bf1b5d85e186d8bb7eec436797b
  specs:
    fleximage (0.1)

GIT
  remote: https://github.com/SysMO-DB/gibberish.git
  revision: d24c42b9608f39f82e37e757f530d8199049c557
  specs:
    gibberish (1.0.0)

GIT
  remote: https://github.com/SysMO-DB/my_responds_to_parent.git
  revision: 5fadfd0cd85a0a70caaddd36f9617cb743047e0b
  specs:
    my_responds_to_parent (1.0.0)

GIT
  remote: https://github.com/SysMO-DB/white_list.git
  revision: 3f9798ec54f227e852b944bb14f6f90d05cde893
  specs:
    white_list (1.0.0)

GIT
  remote: https://github.com/SysMO-DB/white_list_formatted_content.git
  revision: c02bea47e477c1ac59e45a2a8a51aaa2c8e6b72f
  specs:
    white_list_formatted_content (1.0.0)

GIT
  remote: https://github.com/myGrid/annotations.git
  revision: 401f831c3e0ace82b109dd649d8d7b0820f58032
  branch: rails4.2
  specs:
    my_annotations (0.8.1)

GIT
  remote: https://github.com/myGrid/search_biomodel.git
  revision: e109ac6d8b102f7ecb65140c17d263b85e066870
  specs:
    search_biomodel (2.2.1)

GIT
  remote: https://github.com/rails/prototype-rails
  revision: 0fed929ff48c10c3b978edd3baa983a81f404dbf
  branch: 4.2
  specs:
    prototype-rails (4.0.0)
      rails (~> 4.0)

GIT
  remote: https://github.com/seek4science/DOI-query-tool.git
  revision: a389b760db2a1d00cc79319ad0bd48fd86b9d960
  specs:
    doi_query_tool (1.0.0)
      libxml-ruby (>= 2.6.0)

GIT
  remote: https://github.com/seek4science/zenodo-client.git
  revision: 3b5484cd7e5668f8a62eb111439b10a6dc999d69
  specs:
    zenodo-client (0.1.1)
      json (~> 1.8)
      rest-client (~> 2.0)

GEM
  remote: https://rubygems.org/
  remote: https://rails-assets.org/
  specs:
    RedCloth (4.2.9)
    actionmailer (4.2.11)
      actionpack (= 4.2.11)
      actionview (= 4.2.11)
      activejob (= 4.2.11)
      mail (~> 2.5, >= 2.5.4)
      rails-dom-testing (~> 1.0, >= 1.0.5)
    actionpack (4.2.11)
      actionview (= 4.2.11)
      activesupport (= 4.2.11)
      rack (~> 1.6)
      rack-test (~> 0.6.2)
      rails-dom-testing (~> 1.0, >= 1.0.5)
      rails-html-sanitizer (~> 1.0, >= 1.0.2)
    actionview (4.2.11)
      activesupport (= 4.2.11)
      builder (~> 3.1)
      erubis (~> 2.7.0)
      rails-dom-testing (~> 1.0, >= 1.0.5)
      rails-html-sanitizer (~> 1.0, >= 1.0.3)
    active_model_serializers (0.10.6)
      actionpack (>= 4.1, < 6)
      activemodel (>= 4.1, < 6)
      case_transform (>= 0.2)
      jsonapi-renderer (>= 0.1.1.beta1, < 0.2)
    activejob (4.2.11)
      activesupport (= 4.2.11)
      globalid (>= 0.3.0)
    activemodel (4.2.11)
      activesupport (= 4.2.11)
      builder (~> 3.1)
    activerecord (4.2.11)
      activemodel (= 4.2.11)
      activesupport (= 4.2.11)
      arel (~> 6.0)
    activerecord-session_store (1.0.0)
      actionpack (>= 4.0, < 5.1)
      activerecord (>= 4.0, < 5.1)
      multi_json (~> 1.11, >= 1.11.2)
      rack (>= 1.5.2, < 3)
      railties (>= 4.0, < 5.1)
    activesupport (4.2.11)
      i18n (~> 0.7)
      minitest (~> 5.1)
      thread_safe (~> 0.3, >= 0.3.4)
      tzinfo (~> 1.1)
    acts-as-taggable-on (3.0.1)
      rails (>= 3, < 5)
    acts_as_list (0.9.5)
      activerecord (>= 3.0)
    acts_as_tree (2.6.1)
      activerecord (>= 3.0.0)
    addressable (2.5.1)
      public_suffix (~> 2.0, >= 2.0.2)
    akami (1.2.2)
      gyoku (>= 0.4.0)
      nokogiri
    ansi (1.5.0)
    api_smith (1.3.0)
      hashie (>= 1.0, < 3.0)
      httparty
    app_version (0.2.4)
      rails (~> 4.2)
    arel (6.0.4)
    ast (2.3.0)
    attr_encrypted (3.0.3)
      encryptor (~> 3.0.0)
    auto_strip_attributes (2.1.0)
      activerecord (>= 3.0)
    autoprefixer-rails (6.7.7.2)
      execjs
    axiom-types (0.1.1)
      descendants_tracker (~> 0.0.4)
      ice_nine (~> 0.11.0)
      thread_safe (~> 0.3, >= 0.3.1)
    bcp47 (0.3.3)
      i18n
    bibtex-ruby (4.4.3)
      latex-decode (~> 0.0)
    bio (1.5.1)
    bives (1.0)
      open4 (~> 1.3.0)
    bootstrap-sass (3.3.7)
      autoprefixer-rails (>= 5.2.1)
      sass (>= 3.3.4)
    breadcrumbs_on_rails (3.0.1)
    builder (3.2.3)
    case_transform (0.2)
      activesupport
    citeproc (1.0.5)
      namae (~> 0.8)
    citeproc-ruby (1.1.6)
      citeproc (>= 1.0.4, < 2.0)
      csl (~> 1.4)
    climate_control (0.2.0)
    code_analyzer (0.4.7)
      sexp_processor
    codeclimate-engine-rb (0.4.0)
      virtus (~> 1.0)
    coderay (1.1.2)
    coercible (1.0.0)
      descendants_tracker (~> 0.0.1)
    coffee-rails (4.1.1)
      coffee-script (>= 2.2.0)
      railties (>= 4.0.0, < 5.1.x)
    coffee-script (2.4.1)
      coffee-script-source
      execjs
    coffee-script-source (1.12.2)
    colorize (0.7.4)
    concurrent-ruby (1.1.3)
    countries (2.0.8)
      i18n_data (~> 0.7.0)
      money (~> 6.7)
      sixarm_ruby_unaccent (~> 1.1)
      unicode_utils (~> 1.4)
    country_select (3.0.0)
      countries (~> 2.0)
      sort_alphabetical (~> 1.0)
    crack (0.4.3)
      safe_yaml (~> 1.0.0)
    crass (1.0.4)
    csl (1.4.5)
      namae (~> 0.7)
    csl-styles (1.0.1.7)
      csl (~> 1.0)
    curb (0.9.3)
    daemons (1.1.9)
    database_cleaner (1.5.3)
    delayed_job (4.1.2)
      activesupport (>= 3.0, < 5.1)
    delayed_job_active_record (4.1.1)
      activerecord (>= 3.0, < 5.1)
      delayed_job (>= 3.0, < 5)
    descendants_tracker (0.0.4)
      thread_safe (~> 0.3, >= 0.3.1)
    diff-lcs (1.3)
    docsplit (0.7.6)
    domain_name (0.5.20180417)
      unf (>= 0.0.5, < 1.0.0)
    dynamic_form (1.1.4)
    ebnf (0.3.9)
      rdf (~> 1.1)
      sxp (~> 0.1, >= 0.1.3)
    encryptor (3.0.0)
    equalizer (0.0.11)
    equivalent-xml (0.6.0)
      nokogiri (>= 1.4.3)
    erubis (2.7.0)
    exception_notification (4.2.1)
      actionmailer (>= 4.0, < 6)
      activesupport (>= 4.0, < 6)
    execjs (2.7.0)
    factory_girl (2.6.4)
      activesupport (>= 2.3.9)
    faraday (0.12.0.1)
      multipart-post (>= 1.2, < 3)
    faraday-cookie_jar (0.0.6)
      faraday (>= 0.7.4)
      http-cookie (~> 1.0.0)
    faraday-encoding (0.0.4)
      faraday
    faraday-http-cache (2.0.0)
      faraday (~> 0.8)
    faraday_middleware (0.11.0.1)
      faraday (>= 0.7.4, < 1.0)
    fastimage (2.1.0)
    feedjira (1.6.0)
      curb (~> 0.8)
      loofah (~> 2.0)
      sax-machine (~> 1.0)
    ffi (1.9.25)
    flay (2.9.0)
      erubis (~> 2.7.0)
      path_expander (~> 1.0)
      ruby_parser (~> 3.0)
      sexp_processor (~> 4.0)
    flog (4.6.1)
      path_expander (~> 1.0)
      ruby_parser (~> 3.1, > 3.1.0)
      sexp_processor (~> 4.8)
    formatador (0.2.5)
    fssm (0.2.10)
    globalid (0.4.1)
      activesupport (>= 4.2.0)
    google-analytics-rails (1.1.0)
    guard (2.14.1)
      formatador (>= 0.2.4)
      listen (>= 2.7, < 4.0)
      lumberjack (~> 1.0)
      nenv (~> 0.1)
      notiffany (~> 0.0)
      pry (>= 0.9.12)
      shellany (~> 0.0)
      thor (>= 0.18.1)
    guard-rubycritic (2.9.3)
      guard (~> 2.6)
      rubycritic (>= 2.9.3)
    gyoku (0.4.6)
      builder (>= 2.1.2)
    haml (4.0.7)
      tilt
    handlebars_assets (0.23.1)
      execjs (~> 2.0)
      multi_json (~> 1.0)
      sprockets (>= 2.0.0)
      tilt (>= 1.2)
    hashdiff (0.3.2)
    hashie (2.1.2)
    highline (1.7.8)
    hpricot (0.8.6)
    htmlentities (4.3.4)
    http-cookie (1.0.3)
      domain_name (~> 0.5)
    httparty (0.12.0)
      json (~> 1.8)
      multi_xml (>= 0.5.2)
    httpi (1.1.1)
      rack
    i18n (0.8.6)
    i18n_data (0.7.0)
    ice_nine (0.11.2)
    jbuilder (2.6.3)
      activesupport (>= 3.0.0, < 5.2)
      multi_json (~> 1.2)
    jbuilder-json_api (1.0.0)
      jbuilder (~> 2)
    jquery-rails (3.1.4)
      railties (>= 3.0, < 5.0)
      thor (>= 0.14, < 2.0)
    jquery-ui-rails (3.0.1)
      jquery-rails
      railties (>= 3.1.0)
    json (1.8.6)
    json-diff (0.4.1)
    json-ld (1.1.11.1)
      multi_json (~> 1.11)
      rdf (~> 1.1, >= 1.1.17, < 1.99)
    json-schema (2.8.0)
      addressable (>= 2.4)
    jsonapi-renderer (0.1.3)
    kgio (2.11.0)
    latex-decode (0.2.2)
      unicode (~> 0.4)
    launchy (2.4.3)
      addressable (~> 2.3)
    libxml-ruby (2.8.0)
    link_header (0.0.8)
    linkeddata (1.1.11.2)
      equivalent-xml (~> 0.5)
      json-ld (~> 1.1, >= 1.1.8, < 1.99)
      nokogiri (~> 1.6)
      rdf (~> 1.1, >= 1.1.11, < 1.99)
      rdf-aggregate-repo (~> 1.1, < 1.99)
      rdf-isomorphic (~> 1.1, < 1.99)
      rdf-json (~> 1.1, >= 1.1.2, < 1.99)
      rdf-microdata (~> 2.0, >= 2.0.1)
      rdf-n3 (~> 1.1, >= 1.1.3, < 1.99)
      rdf-rdfa (~> 1.1, >= 1.1.6, < 1.99)
      rdf-rdfxml (~> 1.1, >= 1.1.4, < 1.99)
      rdf-reasoner (~> 0.2, >= 0.2.1, < 1.99)
      rdf-tabular (~> 0.1, >= 0.1.2)
      rdf-trig (~> 1.1, >= 1.1.4, < 1.99)
      rdf-trix (~> 1.1, < 1.99)
      rdf-turtle (~> 1.1, >= 1.1.6, < 1.99)
      rdf-vocab (~> 0.8)
      rdf-xsd (~> 1.1, >= 1.1.3, < 1.99)
      sparql (~> 1.1, >= 1.1.5, < 1.99)
      sparql-client (~> 1.1, >= 1.1.3, < 1.99)
    listen (3.1.5)
      rb-fsevent (~> 0.9, >= 0.9.4)
      rb-inotify (~> 0.9, >= 0.9.7)
      ruby_dep (~> 1.2)
    lograge (0.4.1)
      actionpack (>= 4, < 5.1)
      activesupport (>= 4, < 5.1)
      railties (>= 4, < 5.1)
    loofah (2.2.3)
      crass (~> 1.0.2)
      nokogiri (>= 1.5.9)
    lumberjack (1.0.11)
    macaddr (1.7.1)
      systemu (~> 2.6.2)
    magic_lamp (1.8.1)
      method_source
      rails (>= 4.0.0)
      rake
    mail (2.7.1)
      mini_mime (>= 0.1.1)
    mechanize (2.7.5)
      domain_name (~> 0.5, >= 0.5.1)
      http-cookie (~> 1.0)
      mime-types (>= 1.17.2)
      net-http-digest_auth (~> 1.1, >= 1.1.1)
      net-http-persistent (~> 2.5, >= 2.5.2)
      nokogiri (~> 1.6)
      ntlm-http (~> 0.1, >= 0.1.1)
      webrobots (>= 0.0.9, < 0.2)
    metainspector (5.4.1)
      addressable (~> 2.5)
      faraday (~> 0.11)
      faraday-cookie_jar (~> 0.0)
      faraday-encoding (~> 0.0)
      faraday-http-cache (~> 2.0)
      faraday_middleware (~> 0.11)
      fastimage (~> 2.1)
      nesty (~> 1.0)
      nokogiri (~> 1.7)
    method_source (0.9.0)
    mime-types (3.2.2)
      mime-types-data (~> 3.2015)
    mime-types-data (3.2018.0812)
    mimemagic (0.3.2)
    mini_mime (1.0.1)
    mini_portile2 (2.3.0)
    minitest (5.10.3)
    minitest-reporters (1.1.14)
      ansi
      builder
      minitest (>= 5.0)
      ruby-progressbar
    money (6.8.4)
      i18n (>= 0.6.4, < 0.9)
      sixarm_ruby_unaccent (>= 1.1.1, < 2)
    multi_json (1.12.1)
    multi_xml (0.6.0)
    multipart-post (2.0.0)
    mysql2 (0.4.10)
    namae (0.11.3)
    nenv (0.3.0)
    nesty (1.0.2)
    net-http-digest_auth (1.4.1)
    net-http-persistent (2.9.4)
    net-ldap (0.16.0)
    netrc (0.11.0)
    nokogiri (1.8.5)
      mini_portile2 (~> 2.3.0)
    nori (1.1.5)
    notiffany (0.1.1)
      nenv (~> 0.1)
      shellany (~> 0.0)
    ntlm-http (0.1.1)
    omniauth (1.3.2)
      hashie (>= 1.2, < 4)
      rack (>= 1.0, < 3)
    omniauth-ldap (1.0.5)
      net-ldap (~> 0.12)
      omniauth (~> 1.0)
      pyu-ruby-sasl (~> 0.0.3.2)
      rubyntlm (~> 0.3.4)
    open4 (1.3.0)
    openseek-api (0.17.2)
      terrapin
    options (2.3.2)
    parser (2.4.0.0)
      ast (~> 2.2)
    passenger (5.1.2)
      rack
      rake (>= 0.8.1)
    path_expander (1.0.1)
    pg (0.20.0)
    polyamorous (1.3.1)
      activerecord (>= 3.0)
    pothoven-attachment_fu (3.3.0)
    powerpack (0.1.1)
    pr_geohash (1.0.0)
    private_address_check (0.5.0)
    progress_bar (1.1.0)
      highline (~> 1.6)
      options (~> 2.3.0)
    pry (0.11.3)
      coderay (~> 1.1.0)
      method_source (~> 0.9.0)
    pry-doc (0.10.0)
      pry (~> 0.9)
      yard (~> 0.9)
    pry-remote (0.1.8)
      pry (~> 0.9)
      slop (~> 3.0)
    psych (2.2.4)
    public_suffix (2.0.5)
    puma (3.8.2)
    pyu-ruby-sasl (0.0.3.3)
    quiet_assets (1.1.0)
      railties (>= 3.1, < 5.0)
    rack (1.6.11)
    rack-attack (5.0.1)
      rack
    rack-test (0.6.3)
      rack (>= 1.0)
    rails (4.2.11)
      actionmailer (= 4.2.11)
      actionpack (= 4.2.11)
      actionview (= 4.2.11)
      activejob (= 4.2.11)
      activemodel (= 4.2.11)
      activerecord (= 4.2.11)
      activesupport (= 4.2.11)
      bundler (>= 1.3.0, < 2.0)
      railties (= 4.2.11)
      sprockets-rails
    rails-assets-bootstrap (3.3.7)
      rails-assets-jquery (>= 1.9.1, < 4)
    rails-assets-bootstrap-multiselect (0.9.13)
      rails-assets-bootstrap (>= 2.3.2)
      rails-assets-jquery (>= 1.11.0)
    rails-assets-bootstrap-tagsinput (0.8.0)
      rails-assets-jquery (~> 2.1.1)
    rails-assets-chartjs (2.7.2)
    rails-assets-clipboard (1.5.16)
    rails-assets-eonasdan-bootstrap-datetimepicker (4.17.47)
      rails-assets-jquery (>= 1.8.3)
      rails-assets-moment (>= 2.10.5)
    rails-assets-jquery (2.1.4)
    rails-assets-moment (2.18.1)
    rails-assets-typeahead.js (0.10.5)
      rails-assets-jquery (>= 1.7)
    rails-assets-vue (2.1.10)
    rails-assets-x-editable (1.5.1)
      rails-assets-jquery (>= 1.6)
    rails-deprecated_sanitizer (1.0.3)
      activesupport (>= 4.2.0.alpha)
    rails-dom-testing (1.0.9)
      activesupport (>= 4.2.0, < 5.0)
      nokogiri (~> 1.6)
      rails-deprecated_sanitizer (>= 1.0.1)
    rails-html-sanitizer (1.0.4)
      loofah (~> 2.2, >= 2.2.2)
    rails-observers (0.1.2)
      activemodel (~> 4.0)
    rails-perftest (0.0.7)
    rails_autolink (1.1.6)
      rails (> 3.1)
    rails_best_practices (1.18.0)
      activesupport
      code_analyzer (>= 0.4.3)
      erubis
      i18n
      json
      require_all
      ruby-progressbar
    railties (4.2.11)
      actionpack (= 4.2.11)
      activesupport (= 4.2.11)
      rake (>= 0.8.7)
      thor (>= 0.18.1, < 2.0)
    rainbow (2.2.1)
    raindrops (0.18.0)
    rake (12.3.1)
    ransack (1.8.2)
      actionpack (>= 3.0)
      activerecord (>= 3.0)
      activesupport (>= 3.0)
      i18n
      polyamorous (~> 1.3)
    rb-fsevent (0.9.8)
    rb-inotify (0.9.8)
      ffi (>= 0.5.0)
    rdf (1.1.17.1)
      link_header (~> 0.0, >= 0.0.8)
    rdf-aggregate-repo (1.1.0.1)
      rdf (~> 1.1, < 1.99)
    rdf-isomorphic (1.1.0.2)
      rdf (~> 1.1, >= 1.1.17, < 1.99)
    rdf-json (1.1.2.1)
      rdf (~> 1.1, < 1.99)
    rdf-microdata (2.0.2)
      htmlentities (~> 4.3)
      nokogiri (~> 1.6)
      rdf (~> 1.1)
      rdf-xsd (~> 1.1)
    rdf-n3 (1.1.3.1)
      rdf (~> 1.1, >= 1.1.17, < 1.99)
    rdf-rdfa (1.1.6.1)
      haml (~> 4.0)
      htmlentities (~> 4.3)
      rdf (~> 1.1, >= 1.1.6, < 1.99)
      rdf-aggregate-repo (~> 1.1, < 1.99)
      rdf-xsd (~> 1.1, < 1.99)
    rdf-rdfxml (1.1.5.1)
      htmlentities (~> 4.3)
      rdf (~> 1.1, >= 1.1.6, < 1.99)
      rdf-rdfa (~> 1.1, >= 1.1.4.1, < 1.99)
      rdf-xsd (~> 1.1, < 1.99)
    rdf-reasoner (0.3.0)
      rdf (~> 1.1, >= 1.1.4.2)
      rdf-turtle (~> 1.1)
      rdf-vocab (~> 0.8)
      rdf-xsd (~> 1.1)
    rdf-tabular (0.3.0)
      addressable (~> 2.3)
      bcp47 (~> 0.3, >= 0.3.3)
      json-ld (~> 1.1)
      rdf (~> 1.1, >= 1.1.7)
      rdf-vocab (~> 0.8)
      rdf-xsd (~> 1.1)
    rdf-trig (1.1.5.1)
      ebnf (~> 0.3, >= 0.3.7)
      rdf (~> 1.1, >= 1.1.11, < 1.99)
      rdf-turtle (~> 1.1, >= 1.1.7, < 1.99)
    rdf-trix (1.1.0.1)
      rdf (~> 1.1, < 1.99)
    rdf-turtle (1.1.8)
      ebnf (~> 0.3, >= 0.3.6)
      rdf (~> 1.1, >= 1.1.10)
    rdf-virtuoso (0.1.6)
      api_smith (~> 1.3.0)
      httparty (~> 0.12.0)
      rdf (~> 1.1.0)
    rdf-vocab (0.8.8)
      rdf (~> 1.1, >= 1.1.10)
    rdf-xsd (1.1.5.1)
      rdf (~> 1.1, >= 1.1.9, < 1.99)
    rdoc (6.0.3)
    recaptcha (4.1.0)
      json
    reek (4.6.1)
      codeclimate-engine-rb (~> 0.4.0)
      parser (>= 2.3.1.2, < 2.5)
      rainbow (~> 2.0)
    request-log-analyzer (1.13.4)
    require_all (1.3.3)
    responders (2.3.0)
      railties (>= 4.2.0, < 5.1)
    rest-client (2.0.2)
      http-cookie (>= 1.0.2, < 2.0)
      mime-types (>= 1.16, < 4.0)
      netrc (~> 0.8)
    rfc-822 (0.4.1)
    rmagick (2.15.2)
    ro-bundle (0.2.3)
      json (~> 1.8)
      ucf (~> 2.0.1)
      uuid (~> 2.3)
    rsolr (1.1.2)
      builder (>= 2.1.2)
    rspec-core (3.5.4)
      rspec-support (~> 3.5.0)
    rspec-expectations (3.5.0)
      diff-lcs (>= 1.2.0, < 2.0)
      rspec-support (~> 3.5.0)
    rspec-mocks (3.5.0)
      diff-lcs (>= 1.2.0, < 2.0)
      rspec-support (~> 3.5.0)
    rspec-rails (3.5.2)
      actionpack (>= 3.0)
      activesupport (>= 3.0)
      railties (>= 3.0)
      rspec-core (~> 3.5.0)
      rspec-expectations (~> 3.5.0)
      rspec-mocks (~> 3.5.0)
      rspec-support (~> 3.5.0)
    rspec-support (3.5.0)
    rubocop (0.48.1)
      parser (>= 2.3.3.1, < 3.0)
      powerpack (~> 0.1)
      rainbow (>= 1.99.1, < 3.0)
      ruby-progressbar (~> 1.7)
      unicode-display_width (~> 1.0, >= 1.0.1)
    ruby-prof (0.17.0)
    ruby-progressbar (1.8.1)
    ruby_dep (1.5.0)
    ruby_parser (3.9.0)
      sexp_processor (~> 4.1)
    rubycritic (3.2.0)
      flay (~> 2.8)
      flog (~> 4.4)
      launchy (= 2.4.3)
      parser (= 2.4.0)
      rainbow (~> 2.1)
      reek (~> 4.4)
      ruby_parser (~> 3.8)
      virtus (~> 1.0)
    rubyntlm (0.3.4)
    rubyzip (1.2.2)
    safe_yaml (1.0.4)
    sample-template-generator (0.5.1)
      rdoc (~> 6.0)
      terrapin (~> 0.6)
    sass (3.4.23)
    sass-rails (5.0.6)
      railties (>= 4.0.0, < 6)
      sass (~> 3.1)
      sprockets (>= 2.8, < 4.0)
      sprockets-rails (>= 2.0, < 4.0)
      tilt (>= 1.1, < 3)
    savon (1.1.0)
      akami (~> 1.2.0)
      builder (>= 2.1.2)
      gyoku (~> 0.4.5)
      httpi (~> 1.1.0)
      nokogiri (>= 1.4.0)
      nori (~> 1.1.0)
      wasabi (~> 2.5.0)
    sax-machine (1.3.2)
    seedbank (0.4.0)
    sexp_processor (4.9.0)
    shellany (0.0.1)
    simple-spreadsheet-extractor (0.16.1)
      libxml-ruby (~> 2.8)
      open4 (= 1.3.0)
    sixarm_ruby_unaccent (1.1.1)
    slop (3.6.0)
    sort_alphabetical (1.1.0)
      unicode_utils (>= 1.2.2)
    sparql (1.1.9)
      builder (~> 3.2)
      ebnf (~> 0.3, >= 0.3.9)
      rdf (~> 1.1, >= 1.1.13)
      rdf-aggregate-repo (~> 1.1, >= 1.1.0)
      rdf-xsd (~> 1.1)
      sparql-client (~> 1.1)
      sxp (~> 0.1)
    sparql-client (1.1.6.1)
      net-http-persistent (~> 2.9)
      rdf (~> 1.1, < 1.99)
    sprockets (3.7.2)
      concurrent-ruby (~> 1.0)
      rack (> 1, < 3)
    sprockets-rails (3.2.1)
      actionpack (>= 4.0)
      activesupport (>= 4.0)
      sprockets (>= 3.0.0)
    sqlite3 (1.3.13)
    sunspot (2.2.7)
      pr_geohash (~> 1.0)
      rsolr (>= 1.1.1, < 3)
    sunspot_matchers (2.2.5.0)
    sunspot_rails (2.2.7)
      nokogiri
      rails (>= 3)
      sunspot (= 2.2.7)
    sunspot_solr (2.2.7)
    sxp (0.1.5)
    system (0.1.3)
      version (~> 1.0.0)
    systemu (2.6.5)
    teaspoon (1.1.5)
      railties (>= 3.2.5, < 6)
    teaspoon-mocha (2.3.3)
      teaspoon (>= 1.0.0)
    terrapin (0.6.0)
      climate_control (>= 0.0.3, < 1.0)
    test-prof (0.4.8)
    test_after_commit (1.1.0)
      activerecord (>= 3.2)
    thor (0.20.3)
    thread_safe (0.3.6)
    tilt (2.0.7)
    tzinfo (1.2.5)
      thread_safe (~> 0.1)
    ucf (2.0.1)
      zip-container (~> 3.0.2)
    uglifier (3.2.0)
      execjs (>= 0.3.0, < 3)
    unf (0.1.4)
      unf_ext
    unf_ext (0.0.7.5)
    unicode (0.4.4.4)
    unicode-display_width (1.2.1)
    unicode_utils (1.4.0)
    unicorn (5.3.0)
      kgio (~> 2.6)
      raindrops (~> 0.7)
    unicorn-rails (2.2.1)
      rack
      unicorn
    uuid (2.3.8)
      macaddr (~> 1.0)
    validate_url (1.0.2)
      activemodel (>= 3.0.0)
      addressable
    vcr (2.9.3)
    version (1.0.0)
    virtus (1.0.5)
      axiom-types (~> 0.1)
      coercible (~> 1.0)
      descendants_tracker (~> 0.0, >= 0.0.3)
      equalizer (~> 0.0, >= 0.0.9)
    wasabi (2.5.1)
      httpi (~> 1.0)
      nokogiri (>= 1.4.0)
    webmock (3.0.1)
      addressable (>= 2.3.6)
      crack (>= 0.3.2)
      hashdiff
    webrobots (0.1.2)
    will_paginate (3.1.6)
    yaml_db (0.5.0)
      rails (>= 3.0, < 5.1)
      rake (>= 0.8.7)
    yard (0.9.12)
    zip-container (3.0.2)
      rubyzip (~> 1.2.1)

PLATFORMS
  ruby

DEPENDENCIES
  RedCloth (= 4.2.9)
  active_model_serializers (~> 0.10.2)
  activerecord-session_store
  acts-as-taggable-on (= 3.0.1)
  acts_as_activity_logged!
  acts_as_list
  acts_as_tree
  app_version
  attr_encrypted (~> 3.0.0)
  auto_strip_attributes
  bibtex-ruby (~> 4.4.2)
  bio (~> 1.5.1)
  bioportal (>= 3.0)!
  bives
  bootstrap-sass
  breadcrumbs_on_rails
  bundler (>= 1.8.4)
  citeproc (~> 1.0.4)
  citeproc-ruby (~> 1.1.4)
  coffee-rails (~> 4.1.0)
  colorize (= 0.7.4)
  convert_office!
  country_select
  csl-styles (~> 1.0.1.7)
  daemons
  database_cleaner
  delayed_job_active_record
  docsplit
  doi_query_tool!
  dynamic_form
  equivalent-xml
  exception_notification
  factory_girl (= 2.6.4)
  feedjira (~> 1)
  fleximage!
  fssm
  gibberish!
  google-analytics-rails
  guard-rubycritic
  handlebars_assets
  hpricot (~> 0.8.2)
  jbuilder (~> 2.0)
  jbuilder-json_api
  jquery-rails (~> 3)
  jquery-ui-rails (~> 3)
  json-diff
  json-schema
  libxml-ruby (= 2.8.0)
  linkeddata
  lograge
  loofah
  magic_lamp
  mechanize
  metainspector
  mimemagic
  minitest (= 5.10.3)
  minitest-reporters
  my_annotations!
  my_responds_to_parent!
  mysql2 (= 0.4.10)
  nokogiri (~> 1.8.1)
  omniauth (~> 1.3.1)
  omniauth-ldap (~> 1.0.5)
  openseek-api
  passenger
  pg
  pothoven-attachment_fu
  private_address_check
  progress_bar
  prototype-rails!
  pry
  pry-doc
  pry-remote
  psych
  puma
  quiet_assets
  rack-attack (~> 5.0.1)
  rails (~> 4.2.11)
  rails-assets-bootstrap-multiselect (~> 0.9.13)!
  rails-assets-bootstrap-tagsinput (~> 0.8.0)!
  rails-assets-chartjs (~> 2.7.2)!
  rails-assets-clipboard (~> 1.5.12)!
  rails-assets-eonasdan-bootstrap-datetimepicker (~> 4.17.42)!
  rails-assets-typeahead.js (~> 0.10.5)!
  rails-assets-vue (~> 2.1.8)!
  rails-assets-x-editable (~> 1.5.1)!
  rails-observers
  rails-perftest
  rails_autolink
  rails_best_practices
  ransack (~> 1.8.2)
  rdf-virtuoso (>= 0.1.6)
  rdoc
  recaptcha (~> 4.1.0)
  request-log-analyzer
  responders (~> 2.0)
  rest-client (~> 2.0)
  rfc-822
  rmagick (= 2.15.2)
  ro-bundle
  rspec-rails
  rubocop
  ruby-prof (>= 0.16.0)
  rubycritic
  rubyzip (~> 1.2.2)
  sample-template-generator (~> 0.5)
  sass-rails
  savon (= 1.1.0)
  search_biomodel (= 2.2.1)!
  seedbank
  simple-spreadsheet-extractor (~> 0.16.0)
  sprockets-rails (~> 3.2)
  sqlite3
  sunspot_matchers
  sunspot_rails (~> 2.2.0)
  sunspot_solr (~> 2.2.0)
  system
  teaspoon
  teaspoon-mocha
  terrapin
  test-prof
  test_after_commit
  uglifier
  unicorn-rails
  uuid (~> 2.3)
  validate_url
  vcr (~> 2.9)
  webmock
  white_list!
  white_list_formatted_content!
  will_paginate (~> 3.1)
  yaml_db
  zenodo-client!

BUNDLED WITH
   1.17.1
