GIT
  remote: https://github.com/SysMO-DB/acts_as_activity_logged.git
  revision: da0b6d8e4ccabfa231c39aa89522c8ba73f03c0e
  specs:
    acts_as_activity_logged (0.3.3)

GIT
  remote: https://github.com/SysMO-DB/acts_as_trashable.git
  revision: ff5dcddece0d03014a8ffde526da59a151501cd7
  specs:
    acts_as_trashable (1.0.6)
      activerecord (>= 2.2)

GIT
  remote: https://github.com/SysMO-DB/app_version.git
  revision: 773b6ae72d9cba038fce1a3502feb5de2f2b75a3
  specs:
    app_version (1.0.0)

GIT
  remote: https://github.com/SysMO-DB/bioportal.git
  revision: 27253aec409f64bc7a1cb812b20119a982026422
  specs:
    bioportal (2.3)

GIT
  remote: https://github.com/SysMO-DB/convert_office.git
  revision: 753f2567dbd625bc89071e1150404efbb562e130
  ref: 753f2567dbd625bc89071e1150404efbb562e130
  specs:
    convert_office (0.9.1)

GIT
  remote: https://github.com/SysMO-DB/doi_query_tool.git
  revision: d87ae6ffa2393beba4bbb49817cf04a60f520fee
  specs:
    doi_query_tool (0.0.0)

GIT
  remote: https://github.com/SysMO-DB/fleximage.git
  revision: bb1182f2716a9bf1b5d85e186d8bb7eec436797b
  ref: bb1182f2716a9bf1b5d85e186d8bb7eec436797b
  specs:
    fleximage (0.1)

GIT
  remote: https://github.com/SysMO-DB/gibberish.git
  revision: d24c42b9608f39f82e37e757f530d8199049c557
  specs:
    gibberish (1.0.0)

GIT
  remote: https://github.com/SysMO-DB/my_rails_settings.git
  revision: e3f7fe9625ea27fea42b02c95e30cb4f1341655b
  specs:
    my_rails_settings (1.0.0)

GIT
  remote: https://github.com/SysMO-DB/my_responds_to_parent.git
  revision: 5fadfd0cd85a0a70caaddd36f9617cb743047e0b
  specs:
    my_responds_to_parent (1.0.0)

GIT
  remote: https://github.com/SysMO-DB/my_savage_beast.git
  revision: 4ff41d5e7d1f17440240fe0886a7c9827f8f53c6
  specs:
    my_savage_beast (2.3)

GIT
  remote: https://github.com/SysMO-DB/piwik-ruby-tracking.git
  revision: 06fa67ba4b2bd66878d745e9de5d6d6c8015bc92
  specs:
    piwik_analytics (1.0.1)
      actionpack
      activesupport
      rails (>= 3.0.0)

GIT
  remote: https://github.com/SysMO-DB/redbox.git
  revision: 494451d01aeeb70b186783d08b6b9aefcb537e98
  specs:
    redbox (1.0.4)

GIT
  remote: https://github.com/SysMO-DB/white_list.git
  revision: 3f9798ec54f227e852b944bb14f6f90d05cde893
  specs:
    white_list (1.0.0)

GIT
  remote: https://github.com/SysMO-DB/white_list_formatted_content.git
  revision: c02bea47e477c1ac59e45a2a8a51aaa2c8e6b72f
  specs:
    white_list_formatted_content (1.0.0)

GIT
  remote: https://github.com/myGrid/annotations.git
  revision: d33e78993ee957fa12d71cbe9f03100dd9b0ad15
  specs:
    my_annotations (0.6.0)

GIT
  remote: https://github.com/myGrid/search_biomodel.git
  revision: e109ac6d8b102f7ecb65140c17d263b85e066870
  specs:
    search_biomodel (2.2.1)

GIT
  remote: https://github.com/myGrid/taverna-player.git
  revision: b36e19c85b7a58d08a73aa418c0f838442c6dfd3
  ref: b36e19c85b7a58d08a73aa418c0f838442c6dfd3
  branch: list-inputs
  specs:
    taverna-player (0.11.0)
      coderay (~> 1.1)
      daemons (~> 1.1.9)
      delayed_job_active_record (~> 4.0)
      jbuilder (~> 2.0)
      jquery-rails (~> 3.0)
      paperclip (~> 4.1)
      pmrpc-rails (~> 1.0.0)
      rails (~> 3.2.12)
      rails_autolink (~> 1.1.0)
      require_all (~> 1.3.1)
      rubyzip (~> 1.1.4)
      t2-server (~> 1.3)
      taverna-t2flow (~> 0.5.1)

GIT
  remote: https://github.com/paneq/calendar_date_select.git
  revision: 977048211b94599fe0f08eb37a481f3d69df48f6
  specs:
    calendar_date_select (1.16.2)

GIT
  remote: https://github.com/seek4science/zenodo-client.git
  revision: 5c300cf4b74f8c09ca8265b2b6567472147d8e24
  specs:
    zenodo-client (0.1.1)
      json (~> 1.8)
      rest-client (~> 1.7)

GEM
  remote: https://rubygems.org/
  specs:
    RedCloth (4.2.9)
    abstract_type (0.0.7)
    actionmailer (3.2.22)
      actionpack (= 3.2.22)
      mail (~> 2.5.4)
    actionpack (3.2.22)
      activemodel (= 3.2.22)
      activesupport (= 3.2.22)
      builder (~> 3.0.0)
      erubis (~> 2.7.0)
      journey (~> 1.0.4)
      rack (~> 1.4.5)
      rack-cache (~> 1.2)
      rack-test (~> 0.6.1)
      sprockets (~> 2.2.1)
    activemodel (3.2.22)
      activesupport (= 3.2.22)
      builder (~> 3.0.0)
    activerecord (3.2.22)
      activemodel (= 3.2.22)
      activesupport (= 3.2.22)
      arel (~> 3.0.2)
      tzinfo (~> 0.3.29)
    activeresource (3.2.22)
      activemodel (= 3.2.22)
      activesupport (= 3.2.22)
    activesupport (3.2.22)
      i18n (~> 0.6, >= 0.6.4)
      multi_json (~> 1.0)
    acts-as-taggable-on (3.0.1)
      rails (>= 3, < 5)
    acts_as_list (0.6.0)
      activerecord (>= 3.0)
    acts_as_tree (2.1.0)
      activerecord (>= 3.0.0)
    adamantium (0.2.0)
      ice_nine (~> 0.11.0)
      memoizable (~> 0.4.0)
    addressable (2.3.8)
    akami (1.2.2)
      gyoku (>= 0.4.0)
      nokogiri
    ansi (1.5.0)
    api_smith (1.3.0)
      hashie (>= 1.0, < 3.0)
      httparty
    arel (3.0.3)
    ast (2.1.0)
    astrolabe (1.3.1)
      parser (~> 2.2)
    auto_strip_attributes (2.0.6)
      activerecord (>= 3.0)
    axiom-types (0.1.1)
      descendants_tracker (~> 0.0.4)
      ice_nine (~> 0.11.0)
      thread_safe (~> 0.3, >= 0.3.1)
    bcp47 (0.3.3)
      i18n
    bio (1.5.0)
    bives (1.0)
      open4 (~> 1.3.0)
    bootstrap-multiselect-rails (0.0.4)
      railties (>= 3.2.0, < 5.0)
    bootstrap-sass (3.1.1.0)
      sass (~> 3.2)
    bootstrap-tagsinput-rails (0.4.2.1)
      railties (>= 3.1)
    bootstrap-typeahead-rails (0.10.5.1)
      railties (>= 3.0)
    breadcrumbs_on_rails (2.3.0)
    builder (3.0.4)
    cancan (1.6.10)
    celluloid (0.16.0)
      timers (~> 4.0.0)
    childprocess (0.5.6)
      ffi (~> 1.0, >= 1.0.11)
    climate_control (0.0.3)
      activesupport (>= 3.0)
    cocaine (0.5.7)
      climate_control (>= 0.0.3, < 1.0)
    code_analyzer (0.4.5)
      sexp_processor
    coderay (1.1.0)
    coercible (1.0.0)
      descendants_tracker (~> 0.0.1)
    colored (1.2)
    colorize (0.7.4)
    concord (0.1.5)
      adamantium (~> 0.2.0)
      equalizer (~> 0.0.9)
    country-select (1.1.1)
    coveralls (0.8.1)
      json (~> 1.8)
      rest-client (>= 1.6.8, < 2)
      simplecov (~> 0.10.0)
      term-ansicolor (~> 1.3)
      thor (~> 0.19.1)
    crack (0.4.2)
      safe_yaml (~> 1.0.0)
    curb (0.8.8)
    daemons (1.1.9)
    database_cleaner (1.4.1)
    datacite_doi_ify (1.1.0)
      rest-client (~> 1.7)
    delayed_job (4.0.6)
      activesupport (>= 3.0, < 5.0)
    delayed_job_active_record (4.0.3)
      activerecord (>= 3.0, < 5.0)
      delayed_job (>= 3.0, < 4.1)
    descendants_tracker (0.0.4)
      thread_safe (~> 0.3, >= 0.3.1)
    diff-lcs (1.2.5)
    docile (1.1.5)
    docsplit (0.7.6)
    domain_name (0.5.24)
      unf (>= 0.0.5, < 1.0.0)
    dynamic_form (1.1.4)
    ebnf (0.3.8)
      haml (~> 4.0)
      rdf (~> 1.1)
      sxp (~> 0.1, >= 0.1.3)
    equalizer (0.0.11)
    equivalent-xml (0.6.0)
      nokogiri (>= 1.4.3)
    erubis (2.7.0)
    exception_notification (4.1.0)
      actionmailer (>= 3.0.4)
      activesupport (>= 3.0.4)
    execjs (2.5.2)
    factory_girl (2.6.4)
      activesupport (>= 2.3.9)
    faraday (0.9.1)
      multipart-post (>= 1.2, < 3)
    faraday-cookie_jar (0.0.6)
      faraday (>= 0.7.4)
      http-cookie (~> 1.0.0)
    faraday_middleware (0.9.1)
      faraday (>= 0.7.4, < 0.10)
    fastimage (1.6.8)
      addressable (~> 2.3, >= 2.3.5)
    feedjira (1.6.0)
      curb (~> 0.8)
      loofah (~> 2.0)
      sax-machine (~> 1.0)
    ffi (1.9.8)
    flay (2.4.0)
      ruby_parser (~> 3.0)
      sexp_processor (~> 4.0)
    flog (4.2.1)
      ruby_parser (~> 3.1, > 3.1.0)
      sexp_processor (~> 4.4)
    formatador (0.2.5)
    fssm (0.2.10)
    google-analytics-rails (0.0.6)
    guard (2.12.5)
      formatador (>= 0.2.4)
      listen (~> 2.7)
      lumberjack (~> 1.0)
      nenv (~> 0.1)
      notiffany (~> 0.0)
      pry (>= 0.9.12)
      shellany (~> 0.0)
      thor (>= 0.18.1)
    guard-rubycritic (1.4.0)
      guard (~> 2.6)
      rubycritic (~> 1.4)
    gyoku (0.4.6)
      builder (>= 2.1.2)
    haml (4.0.6)
      tilt
    handlebars_assets (0.20.1)
      execjs (~> 2.0)
      multi_json (~> 1.0)
      sprockets (~> 2.0)
      tilt (~> 1.2)
    hashie (2.1.2)
    hike (1.2.3)
    hitimes (1.2.2)
    hpricot (0.8.6)
    htmlentities (4.3.3)
    http-cookie (1.0.2)
      domain_name (~> 0.5)
    httparty (0.12.0)
      json (~> 1.8)
      multi_xml (>= 0.5.2)
    httpi (1.1.1)
      rack
    i18n (0.7.0)
    ice_nine (0.11.1)
    in_place_editing (1.2.0)
    jbuilder (2.2.13)
      activesupport (>= 3.0.0, < 5)
      multi_json (~> 1.2)
    journey (1.0.4)
    jquery-rails (3.1.2)
      railties (>= 3.0, < 5.0)
      thor (>= 0.14, < 2.0)
    jquery-ui-rails (3.0.1)
      jquery-rails
      railties (>= 3.1.0)
    json (1.8.3)
    json-ld (1.1.8)
      rdf (~> 1.1, >= 1.1.7)
    kgio (2.9.3)
    libxml-ruby (2.8.0)
    link_header (0.0.8)
    linkeddata (1.1.11)
      equivalent-xml (~> 0.5)
      json-ld (~> 1.1, >= 1.1.8)
      nokogiri (~> 1.6)
      rdf (~> 1.1, >= 1.1.11)
      rdf-aggregate-repo (~> 1.1)
      rdf-isomorphic (~> 1.1)
      rdf-json (~> 1.1, >= 1.1.2)
      rdf-microdata (~> 2.0, >= 2.0.1)
      rdf-n3 (~> 1.1, >= 1.1.3)
      rdf-rdfa (~> 1.1, >= 1.1.6)
      rdf-rdfxml (~> 1.1, >= 1.1.4)
      rdf-reasoner (~> 0.2, >= 0.2.1)
      rdf-tabular (~> 0.1, >= 0.1.2)
      rdf-trig (~> 1.1, >= 1.1.4)
      rdf-trix (~> 1.1)
      rdf-turtle (~> 1.1, >= 1.1.6)
      rdf-vocab (~> 0.8)
      rdf-xsd (~> 1.1, >= 1.1.3)
      sparql (~> 1.1, >= 1.1.5)
      sparql-client (~> 1.1, >= 1.1.3)
    listen (2.10.0)
      celluloid (~> 0.16.0)
      rb-fsevent (>= 0.9.3)
      rb-inotify (>= 0.9)
    lograge (0.3.1)
      actionpack (>= 3)
      activesupport (>= 3)
      railties (>= 3)
    loofah (2.0.1)
      nokogiri (>= 1.5.9)
    lumberjack (1.0.9)
    macaddr (1.7.1)
      systemu (~> 2.6.2)
    magic_lamp (1.0.0)
      rails (>= 3.2)
      rake
    mail (2.5.4)
      mime-types (~> 1.16)
      treetop (~> 1.4.8)
    mechanize (2.7.2)
      domain_name (~> 0.5, >= 0.5.1)
      http-cookie (~> 1.0.0)
      mime-types (~> 1.17, >= 1.17.2)
      net-http-digest_auth (~> 1.1, >= 1.1.1)
      net-http-persistent (~> 2.5, >= 2.5.2)
      nokogiri (~> 1.4)
      ntlm-http (~> 0.1, >= 0.1.1)
      webrobots (>= 0.0.9, < 0.2)
    memoizable (0.4.2)
      thread_safe (~> 0.3, >= 0.3.1)
    metainspector (4.4.1)
      addressable (~> 2.3.5)
      faraday (~> 0.9.0)
      faraday-cookie_jar (~> 0.0.6)
      faraday_middleware (~> 0.9.1)
      fastimage
      nokogiri (~> 1.6)
    method_source (0.8.2)
    mime-types (1.25.1)
    mimemagic (0.3.0)
    mini_portile (0.6.2)
    minitest (4.7.5)
    minitest-reporters (0.14.24)
      ansi
      builder
      minitest (>= 2.12, < 5.0)
      powerbar
    modporter-plugin (0.1.0)
    multi_json (1.11.2)
    multi_xml (0.5.5)
    multipart-post (2.0.0)
    mysql2 (0.3.18)
    nenv (0.2.0)
    net-http-digest_auth (1.4)
    net-http-persistent (2.9.4)
    netrc (0.10.3)
    nokogiri (1.6.6.2)
      mini_portile (~> 0.6.0)
    nori (1.1.5)
    notiffany (0.0.6)
      nenv (~> 0.1)
      shellany (~> 0.0)
    ntlm-http (0.1.1)
    open4 (1.3.0)
    paperclip (4.2.1)
      activemodel (>= 3.0.0)
      activesupport (>= 3.0.0)
      cocaine (~> 0.5.3)
      mime-types
    parser (2.2.0.4)
      ast (>= 1.1, < 3.0)
    passenger (5.0.6)
      rack
      rake (>= 0.8.1)
    pg (0.18.1)
    pmrpc-rails (1.0.1)
      railties (>= 3.1.0)
    polyglot (0.3.5)
    pothoven-attachment_fu (3.2.15)
    powerbar (1.0.12)
      ansi (~> 1.5.0)
      hashie (>= 1.1.0)
    powerpack (0.1.1)
    pr_geohash (1.0.0)
    procto (0.0.2)
    prototype-rails (3.2.1)
      rails (~> 3.2)
    pry (0.10.1)
      coderay (~> 1.1.0)
      method_source (~> 0.8.1)
      slop (~> 3.4)
    pry-doc (0.6.0)
      pry (~> 0.9)
      yard (~> 0.8)
    pry-remote (0.1.8)
      pry (~> 0.9)
      slop (~> 3.0)
    psych (2.0.13)
    puma (3.4.0)
    quiet_assets (1.1.0)
      railties (>= 3.1, < 5.0)
    rack (1.4.7)
    rack-cache (1.2)
      rack (>= 0.4)
    rack-ssl (1.3.4)
      rack
    rack-test (0.6.3)
      rack (>= 1.0)
    rails (3.2.22)
      actionmailer (= 3.2.22)
      actionpack (= 3.2.22)
      activerecord (= 3.2.22)
      activeresource (= 3.2.22)
      activesupport (= 3.2.22)
      bundler (~> 1.0)
      railties (= 3.2.22)
    rails_autolink (1.1.6)
      rails (> 3.1)
    rails_best_practices (1.15.7)
      activesupport
      code_analyzer (>= 0.4.3)
      colored
      erubis
      i18n
      json
      require_all
      ruby-progressbar
    railties (3.2.22)
      actionpack (= 3.2.22)
      activesupport (= 3.2.22)
      rack-ssl (~> 1.3.2)
      rake (>= 0.8.7)
      rdoc (~> 3.4)
      thor (>= 0.14.6, < 2.0)
    rainbow (2.0.0)
    raindrops (0.13.0)
    rake (10.4.2)
    ratom (0.9.0)
      libxml-ruby (~> 2.6)
    rb-fsevent (0.9.4)
    rb-inotify (0.9.5)
      ffi (>= 0.5.0)
    rdf (1.1.11)
      link_header (~> 0.0, >= 0.0.8)
    rdf-aggregate-repo (1.1.0)
      rdf (>= 1.1)
    rdf-isomorphic (1.1.0)
      rdf (>= 1.1)
    rdf-json (1.1.2)
      rdf (~> 1.1)
    rdf-microdata (2.0.1)
      htmlentities (~> 4.3)
      nokogiri (~> 1.6)
      rdf (~> 1.1)
      rdf-xsd (~> 1.1)
    rdf-n3 (1.1.3)
      rdf (~> 1.1, >= 1.1.5)
    rdf-rdfa (1.1.6)
      haml (~> 4.0)
      htmlentities (~> 4.3)
      rdf (~> 1.1, >= 1.1.6)
      rdf-aggregate-repo (~> 1.1)
      rdf-xsd (~> 1.1)
    rdf-rdfxml (1.1.4)
      htmlentities (~> 4.3)
      rdf (~> 1.1, >= 1.1.6)
      rdf-rdfa (~> 1.1, >= 1.1.4.1)
      rdf-xsd (~> 1.1)
    rdf-reasoner (0.2.1)
      rdf (~> 1.1, >= 1.1.4.2)
      rdf-turtle (~> 1.1)
      rdf-xsd (~> 1.1)
    rdf-tabular (0.1.3.1)
      addressable (~> 2.3)
      bcp47 (~> 0.3, >= 0.3.3)
      json-ld (~> 1.1)
      rdf (~> 1.1, >= 1.1.7)
      rdf-xsd (~> 1.1)
    rdf-trig (1.1.4)
      ebnf (~> 0.3, >= 0.3.7)
      rdf (~> 1.1, >= 1.1.11)
      rdf-turtle (~> 1.1, >= 1.1.6)
    rdf-trix (1.1.0)
      rdf (>= 1.1)
    rdf-turtle (1.1.6)
      ebnf (~> 0.3, >= 0.3.6)
      rdf (~> 1.1, >= 1.1.10)
    rdf-virtuoso (0.1.6)
      api_smith (~> 1.3.0)
      httparty (~> 0.12.0)
      rdf (~> 1.1.0)
    rdf-vocab (0.8.1)
      rdf (~> 1.1, >= 1.1.10)
    rdf-xsd (1.1.3)
      rdf (~> 1.1, >= 1.1.9)
    rdoc (3.12.2)
      json (~> 1.4)
    recaptcha (0.4.0)
    reek (1.6.5)
      parser (~> 2.2.0.pre.7)
      rainbow (>= 1.99, < 3.0)
      unparser (~> 0.2.2)
    request-log-analyzer (1.13.4)
    require_all (1.3.2)
    rest-client (1.8.0)
      http-cookie (>= 1.0.2, < 2.0)
      mime-types (>= 1.16, < 3.0)
      netrc (~> 0.7)
    rfc-822 (0.4.0)
    rmagick (2.15.2)
    ro-bundle (0.2.1)
      json (~> 1.8)
      ucf (~> 2.0)
      uuid (~> 2.3)
    rsolr (1.0.12)
      builder (>= 2.1.2)
    rspec-core (3.2.3)
      rspec-support (~> 3.2.0)
    rspec-expectations (3.2.1)
      diff-lcs (>= 1.2.0, < 2.0)
      rspec-support (~> 3.2.0)
    rspec-mocks (3.2.1)
      diff-lcs (>= 1.2.0, < 2.0)
      rspec-support (~> 3.2.0)
    rspec-rails (3.2.1)
      actionpack (>= 3.0, < 4.3)
      activesupport (>= 3.0, < 4.3)
      railties (>= 3.0, < 4.3)
      rspec-core (~> 3.2.0)
      rspec-expectations (~> 3.2.0)
      rspec-mocks (~> 3.2.0)
      rspec-support (~> 3.2.0)
    rspec-support (3.2.2)
    rubocop (0.30.0)
      astrolabe (~> 1.3)
      parser (>= 2.2.0.1, < 3.0)
      powerpack (~> 0.1)
      rainbow (>= 1.99.1, < 3.0)
      ruby-progressbar (~> 1.4)
    ruby-prof (0.15.8)
    ruby-progressbar (1.7.5)
    ruby_parser (3.6.6)
      sexp_processor (~> 4.1)
    rubycritic (1.4.0)
      flay (= 2.4.0)
      flog (= 4.2.1)
      parser (>= 2.2.0, < 3.0)
      reek (= 1.6.5)
      virtus (~> 1.0)
    rubyzip (1.1.7)
    safe_yaml (1.0.4)
    sass (3.4.13)
    sass-rails (3.2.6)
      railties (~> 3.2.0)
      sass (>= 3.1.10)
      tilt (~> 1.3)
    savon (1.1.0)
      akami (~> 1.2.0)
      builder (>= 2.1.2)
      gyoku (~> 0.4.5)
      httpi (~> 1.1.0)
      nokogiri (>= 1.4.0)
      nori (~> 1.1.0)
      wasabi (~> 2.5.0)
    sax-machine (1.3.2)
    seedbank (0.3.0)
    selenium-webdriver (2.47.1)
      childprocess (~> 0.5)
      multi_json (~> 1.0)
      rubyzip (~> 1.0)
      websocket (~> 1.0)
    sexp_processor (4.5.1)
    shellany (0.0.1)
    simple-spreadsheet-extractor (0.15.1)
      libxml-ruby (~> 2.6)
      open4 (= 1.3.0)
    simplecov (0.10.0)
      docile (~> 1.1.0)
      json (~> 1.8)
      simplecov-html (~> 0.10.0)
    simplecov-html (0.10.0)
    slop (3.6.0)
    sparql (1.1.5)
      builder (~> 3.0)
      ebnf (~> 0.3, >= 0.3.5)
      rdf (~> 1.1, >= 1.1.4)
      rdf-aggregate-repo (~> 1.1, >= 1.1.0)
      rdf-xsd (~> 1.1)
      sparql-client (~> 1.1)
      sxp (~> 0.1)
    sparql-client (1.1.4)
      net-http-persistent (~> 2.9)
      rdf (~> 1.1)
    sprockets (2.2.3)
      hike (~> 1.2)
      multi_json (~> 1.0)
      rack (~> 1.0)
      tilt (~> 1.1, != 1.3.0)
    sqlite3 (1.3.10)
    sunspot (2.2.0)
      pr_geohash (~> 1.0)
      rsolr (~> 1.0.7)
    sunspot_matchers (2.2.0.3)
    sunspot_rails (2.2.0)
      nokogiri
      rails (>= 3)
      sunspot (= 2.2.0)
    sunspot_solr (2.2.0)
    sxp (0.1.5)
    system (0.1.3)
      version (~> 1.0.0)
    systemu (2.6.5)
    t2-server (1.3.0)
      libxml-ruby (~> 2.6)
      net-http-persistent (~> 2.6)
      ratom (~> 0.9)
      taverna-baclava (~> 1.0)
    taverna-baclava (1.0.1)
      builder (~> 3.0)
    taverna-t2flow (0.5.1)
      libxml-ruby (>= 1.1.4)
    teaspoon (1.0.2)
      railties (>= 3.2.5, < 5)
    teaspoon-mocha (2.2.4)
      teaspoon (>= 1.0.0)
    term-ansicolor (1.3.0)
      tins (~> 1.0)
    test_after_commit (0.4.1)
      activerecord (>= 3.2)
    thor (0.19.1)
    thread_safe (0.3.5)
    tilt (1.4.1)
    timers (4.0.1)
      hitimes
    tins (1.5.1)
    transaction_isolation (1.0.3)
      activerecord (>= 3.0.11)
    treetop (1.4.15)
      polyglot
      polyglot (>= 0.3.1)
    turbo-sprockets-rails3 (0.3.14)
      railties (> 3.2.8, < 4.0.0)
      sprockets (>= 2.2.0)
    tzinfo (0.3.44)
    ucf (2.0.0)
      zip-container (~> 3.0.1)
    uglifier (3.0.0)
      execjs (>= 0.3.0, < 3)
    unf (0.1.4)
      unf_ext
    unf_ext (0.0.7.1)
    unicorn (4.9.0)
      kgio (~> 2.6)
      rack
      raindrops (~> 0.7)
    unicorn-rails (2.2.0)
      rack
      unicorn
    unparser (0.2.2)
      abstract_type (~> 0.0.7)
      adamantium (~> 0.2.0)
      concord (~> 0.1.5)
      diff-lcs (~> 1.2.5)
      equalizer (~> 0.0.9)
      parser (~> 2.2.0.2)
      procto (~> 0.0.2)
    uuid (2.3.8)
      macaddr (~> 1.0)
    validate_url (1.0.2)
      activemodel (>= 3.0.0)
      addressable
    version (1.0.0)
    virtus (1.0.5)
      axiom-types (~> 0.1)
      coercible (~> 1.0)
      descendants_tracker (~> 0.0, >= 0.0.3)
      equalizer (~> 0.0, >= 0.0.9)
    wasabi (2.5.1)
      httpi (~> 1.0)
      nokogiri (>= 1.4.0)
    webmock (1.21.0)
      addressable (>= 2.3.6)
      crack (>= 0.3.2)
    webrobots (0.1.1)
    websocket (1.2.2)
    will_paginate (3.0.7)
    yaml_db (0.3.0)
      rails (>= 3.0, < 4.3)
      rake (>= 0.8.7)
    yard (0.8.7.6)
    zip-container (3.0.1)
      rubyzip (~> 1.1.6)

PLATFORMS
  ruby

DEPENDENCIES
  RedCloth (= 4.2.9)
  acts-as-taggable-on (= 3.0.1)
  acts_as_activity_logged!
  acts_as_list
  acts_as_trashable!
  acts_as_tree
  app_version!
  auto_strip_attributes
  bio (~> 1.5.0)
  bioportal (>= 2.3)!
  bives
  bootstrap-multiselect-rails
  bootstrap-sass (= 3.1.1.0)
  bootstrap-tagsinput-rails
  bootstrap-typeahead-rails
  breadcrumbs_on_rails
  calendar_date_select!
  cancan
  cocaine
  colorize (= 0.7.4)
  convert_office!
  country-select
  coveralls
  daemons
  database_cleaner
  datacite_doi_ify (~> 1.1.0)
  delayed_job_active_record
  docsplit
  doi_query_tool!
  dynamic_form
  equivalent-xml
  exception_notification
  factory_girl (= 2.6.4)
  feedjira (~> 1)
  fleximage!
  fssm
  gibberish!
  google-analytics-rails
  guard-rubycritic
  handlebars_assets
  hpricot (~> 0.8.2)
  in_place_editing
  jquery-rails (~> 3)
  jquery-ui-rails (~> 3)
  libxml-ruby (>= 2.6.0)
  linkeddata
  lograge
  magic_lamp
  mechanize
  metainspector
  mimemagic
  minitest (~> 4.0)
  minitest-reporters
  modporter-plugin
  my_annotations!
  my_rails_settings!
  my_responds_to_parent!
  my_savage_beast!
  mysql2
  nokogiri
  paperclip (~> 4.2.0)
  passenger
  pg
  piwik_analytics!
  pothoven-attachment_fu
  prototype-rails
  pry
  pry-doc
  pry-remote
  psych
  puma
  quiet_assets
  rails (= 3.2.22)
  rails_autolink
  rails_best_practices
  rdf-virtuoso (>= 0.1.6)
  rdoc
  recaptcha
  redbox!
  request-log-analyzer
  rest-client
  rfc-822
  rmagick (= 2.15.2)
  ro-bundle
  rspec-rails
  rubocop
  ruby-prof
  rubycritic
  rubyzip (~> 1.1.4)
  sass-rails (>= 3.2)
  savon (= 1.1.0)
  search_biomodel (= 2.2.1)!
  seedbank
  selenium-webdriver
  simple-spreadsheet-extractor (~> 0.15.0)
  sqlite3
  sunspot_matchers
  sunspot_rails (~> 2.2.0)
  sunspot_solr (~> 2.2.0)
  system
  taverna-player!
  taverna-t2flow
  teaspoon
  teaspoon-mocha
  test_after_commit
  transaction_isolation
  turbo-sprockets-rails3
  uglifier
  unicorn-rails
  uuid (~> 2.3)
  validate_url
  webmock
  white_list!
  white_list_formatted_content!
  will_paginate (~> 3.0.4)
  yaml_db
  zenodo-client!

BUNDLED WITH
   1.12.5
